STORAGE: NONE
RESTRICTION: == net7.0
NUGET
  remote: https://api.nuget.org/v3/index.json
    Fable.Browser.Blob (1.3)
      Fable.Core (>= 3.0)
      FSharp.Core (>= 4.7.2)
    Fable.Browser.Css (2.3)
      Fable.Browser.Dom (>= 2.11)
      Fable.Browser.Svg (>= 2.3)
      Fable.Core (>= 3.0)
      FSharp.Core (>= 4.7.2)
    Fable.Browser.Dom (2.14)
      Fable.Browser.Blob (>= 1.3)
      Fable.Browser.Event (>= 1.5)
      Fable.Browser.WebStorage (>= 1.2)
      Fable.Core (>= 3.2.8)
      FSharp.Core (>= 4.7.2)
    Fable.Browser.Event (1.5)
      Fable.Browser.Gamepad (>= 1.1)
      Fable.Core (>= 3.0)
      FSharp.Core (>= 4.7.2)
    Fable.Browser.Gamepad (1.2)
      Fable.Core (>= 3.0)
      FSharp.Core (>= 4.7.2)
    Fable.Browser.Svg (2.3)
      Fable.Browser.Dom (>= 2.11)
      Fable.Core (>= 3.0)
      FSharp.Core (>= 4.7.2)
    Fable.Browser.WebStorage (1.2)
      Fable.Browser.Event (>= 1.5)
      Fable.Core (>= 3.0)
      FSharp.Core (>= 4.7.2)
    Fable.Core (4.0)
    Fable.Node (1.2)
      Fable.Core (>= 3.1.2)
      FSharp.Core (>= 5.0)
    FSharp.Core (7.0.300)

GROUP Build
STORAGE: NONE
RESTRICTION: == net7.0
NUGET
  remote: https://api.nuget.org/v3/index.json
    BlackFox.VsWhere (1.1)
      FSharp.Core (>= 4.2.3)
      Microsoft.Win32.Registry (>= 4.7)
    Fake.Api.GitHub (6.0)
      FSharp.Core (>= 6.0.3)
      Octokit (>= 0.50)
    Fake.Core.BuildServer (5.0.0-beta021)
      Fake.Core.Environment (>= 5.0.0-beta021)
      Fake.Core.String (>= 5.0.0-beta021)
      FSharp.Core (>= 4.1.18)
    Fake.Core.CommandLineParsing (6.0)
      FParsec (>= 1.1.1)
      FSharp.Core (>= 6.0.3)
    Fake.Core.Context (6.0)
      FSharp.Core (>= 6.0.3)
    Fake.Core.Environment (6.0)
      FSharp.Core (>= 6.0.3)
    Fake.Core.FakeVar (6.0)
      Fake.Core.Context (>= 6.0)
      FSharp.Core (>= 6.0.3)
    Fake.Core.Process (6.0)
      Fake.Core.Environment (>= 6.0)
      Fake.Core.FakeVar (>= 6.0)
      Fake.Core.String (>= 6.0)
      Fake.Core.Trace (>= 6.0)
      Fake.IO.FileSystem (>= 6.0)
      FSharp.Core (>= 6.0.3)
      System.Collections.Immutable (>= 6.0)
    Fake.Core.SemVer (6.0)
      FSharp.Core (>= 6.0.3)
    Fake.Core.String (6.0)
      FSharp.Core (>= 6.0.3)
    Fake.Core.Target (6.0)
      Fake.Core.CommandLineParsing (>= 6.0)
      Fake.Core.Context (>= 6.0)
      Fake.Core.Environment (>= 6.0)
      Fake.Core.FakeVar (>= 6.0)
      Fake.Core.Process (>= 6.0)
      Fake.Core.String (>= 6.0)
      Fake.Core.Trace (>= 6.0)
      FSharp.Control.Reactive (>= 5.0.2)
      FSharp.Core (>= 6.0.3)
    Fake.Core.Tasks (6.0)
      Fake.Core.Trace (>= 6.0)
      FSharp.Core (>= 6.0.3)
    Fake.Core.Trace (6.0)
      Fake.Core.Environment (>= 6.0)
      Fake.Core.FakeVar (>= 6.0)
      FSharp.Core (>= 6.0.3)
    Fake.Core.Xml (6.0)
      Fake.Core.String (>= 6.0)
      FSharp.Core (>= 6.0.3)
    Fake.DotNet.Cli (6.0)
      Fake.Core.Environment (>= 6.0)
      Fake.Core.Process (>= 6.0)
      Fake.Core.String (>= 6.0)
      Fake.Core.Trace (>= 6.0)
      Fake.DotNet.MSBuild (>= 6.0)
      Fake.DotNet.NuGet (>= 6.0)
      Fake.IO.FileSystem (>= 6.0)
      FSharp.Core (>= 6.0.3)
      Mono.Posix.NETStandard (>= 1.0)
      Newtonsoft.Json (>= 13.0.1)
    Fake.DotNet.MSBuild (6.0)
      BlackFox.VsWhere (>= 1.1)
      Fake.Core.Environment (>= 6.0)
      Fake.Core.Process (>= 6.0)
      Fake.Core.String (>= 6.0)
      Fake.Core.Trace (>= 6.0)
      Fake.IO.FileSystem (>= 6.0)
      FSharp.Core (>= 6.0.3)
      MSBuild.StructuredLogger (>= 2.1.545)
    Fake.DotNet.NuGet (6.0)
      Fake.Core.Environment (>= 6.0)
      Fake.Core.Process (>= 6.0)
      Fake.Core.SemVer (>= 6.0)
      Fake.Core.String (>= 6.0)
      Fake.Core.Tasks (>= 6.0)
      Fake.Core.Trace (>= 6.0)
      Fake.Core.Xml (>= 6.0)
      Fake.IO.FileSystem (>= 6.0)
      Fake.Net.Http (>= 6.0)
      FSharp.Core (>= 6.0.3)
      Newtonsoft.Json (>= 13.0.1)
      NuGet.Protocol (>= 6.0)
    Fake.IO.FileSystem (6.0)
      Fake.Core.String (>= 6.0)
      Fake.Core.Trace (>= 6.0)
      FSharp.Core (>= 6.0.3)
    Fake.Net.Http (6.0)
      Fake.Core.Trace (>= 6.0)
      FSharp.Core (>= 6.0.3)
    Fake.Tools.Git (6.0)
      Fake.Core.Environment (>= 6.0)
      Fake.Core.Process (>= 6.0)
      Fake.Core.SemVer (>= 6.0)
      Fake.Core.String (>= 6.0)
      Fake.Core.Trace (>= 6.0)
      Fake.IO.FileSystem (>= 6.0)
      FSharp.Core (>= 6.0.3)
    Fake.Windows.Chocolatey (6.0)
      Fake.Core.Environment (>= 6.0)
      Fake.Core.Process (>= 6.0)
      Fake.Core.String (>= 6.0)
      Fake.Core.Trace (>= 6.0)
      Fake.DotNet.NuGet (>= 6.0)
      Fake.IO.FileSystem (>= 6.0)
      FSharp.Core (>= 6.0.3)
    FParsec (1.1.1)
      FSharp.Core (>= 4.3.4)
    FSharp.Control.Reactive (5.0.5)
      FSharp.Core (>= 4.7.2)
      System.Reactive (>= 5.0 < 6.0)
    FSharp.Core (7.0.300)
    Microsoft.Build (17.3.2)
      Microsoft.Build.Framework (>= 17.3.2)
      Microsoft.NET.StringTools (>= 17.3.2)
      System.Collections.Immutable (>= 6.0)
      System.Configuration.ConfigurationManager (>= 6.0)
      System.Reflection.Metadata (>= 6.0)
      System.Reflection.MetadataLoadContext (>= 6.0)
      System.Security.Principal.Windows (>= 5.0)
      System.Text.Encoding.CodePages (>= 6.0)
      System.Text.Json (>= 6.0)
      System.Threading.Tasks.Dataflow (>= 6.0)
    Microsoft.Build.Framework (17.3.2)
      System.Security.Permissions (>= 6.0)
    Microsoft.Build.Tasks.Core (17.3.2)
      Microsoft.Build.Framework (>= 17.3.2)
      Microsoft.Build.Utilities.Core (>= 17.3.2)
      Microsoft.NET.StringTools (>= 17.3.2)
      System.CodeDom (>= 6.0)
      System.Collections.Immutable (>= 6.0)
      System.Reflection.Metadata (>= 6.0)
      System.Resources.Extensions (>= 6.0)
      System.Security.Cryptography.Pkcs (>= 6.0.1)
      System.Security.Cryptography.Xml (>= 6.0)
      System.Security.Permissions (>= 6.0)
      System.Threading.Tasks.Dataflow (>= 6.0)
    Microsoft.Build.Utilities.Core (17.3.2)
      Microsoft.Build.Framework (>= 17.3.2)
      Microsoft.NET.StringTools (>= 17.3.2)
      System.Collections.Immutable (>= 6.0)
      System.Configuration.ConfigurationManager (>= 6.0)
    Microsoft.NET.StringTools (17.6.3)
    Microsoft.Win32.Registry (5.0)
      System.Security.AccessControl (>= 5.0)
      System.Security.Principal.Windows (>= 5.0)
    Microsoft.Win32.SystemEvents (7.0)
    Mono.Posix.NETStandard (1.0)
    MSBuild.StructuredLogger (2.1.815)
      Microsoft.Build.Framework (>= 16.10)
      Microsoft.Build.Utilities.Core (>= 16.10)
    Newtonsoft.Json (13.0.3)
    NuGet.Common (6.6.1)
      NuGet.Frameworks (>= 6.6.1)
    NuGet.Configuration (6.6.1)
      NuGet.Common (>= 6.6.1)
      System.Security.Cryptography.ProtectedData (>= 4.4)
    NuGet.Frameworks (6.6.1)
    NuGet.Packaging (6.6.1)
      Newtonsoft.Json (>= 13.0.1)
      NuGet.Configuration (>= 6.6.1)
      NuGet.Versioning (>= 6.6.1)
      System.Security.Cryptography.Cng (>= 5.0)
      System.Security.Cryptography.Pkcs (>= 5.0)
    NuGet.Protocol (6.6.1)
      NuGet.Packaging (>= 6.6.1)
    NuGet.Versioning (6.6.1)
    Octokit (7.0.1)
    System.CodeDom (7.0)
    System.Collections.Immutable (7.0)
    System.Configuration.ConfigurationManager (7.0)
      System.Diagnostics.EventLog (>= 7.0)
      System.Security.Cryptography.ProtectedData (>= 7.0)
      System.Security.Permissions (>= 7.0)
    System.Diagnostics.EventLog (7.0)
    System.Drawing.Common (7.0)
      Microsoft.Win32.SystemEvents (>= 7.0)
    System.Formats.Asn1 (7.0)
    System.Reactive (5.0)
    System.Reflection.Metadata (7.0.2)
      System.Collections.Immutable (>= 7.0)
    System.Reflection.MetadataLoadContext (7.0)
      System.Collections.Immutable (>= 7.0)
      System.Reflection.Metadata (>= 7.0)
    System.Resources.Extensions (7.0)
    System.Security.AccessControl (6.0)
    System.Security.Cryptography.Cng (5.0)
      System.Formats.Asn1 (>= 5.0)
    System.Security.Cryptography.Pkcs (7.0.3)
      System.Formats.Asn1 (>= 7.0)
    System.Security.Cryptography.ProtectedData (7.0.1)
    System.Security.Cryptography.Xml (7.0.1)
      System.Security.Cryptography.Pkcs (>= 7.0)
    System.Security.Permissions (7.0)
      System.Windows.Extensions (>= 7.0)
    System.Security.Principal.Windows (5.0)
    System.Text.Encoding.CodePages (7.0)
    System.Text.Encodings.Web (7.0)
    System.Text.Json (7.0.3)
      System.Text.Encodings.Web (>= 7.0)
    System.Threading.Tasks.Dataflow (7.0)
    System.Windows.Extensions (7.0)
      System.Drawing.Common (>= 7.0)

GROUP WebApp
STORAGE: NONE
RESTRICTION: == net7.0
NUGET
  remote: https://api.nuget.org/v3/index.json
    Fable.Browser.Blob (1.3)
      Fable.Core (>= 3.0)
      FSharp.Core (>= 4.7.2)
    Fable.Browser.Dom (2.14)
      Fable.Browser.Blob (>= 1.3)
      Fable.Browser.Event (>= 1.5)
      Fable.Browser.WebStorage (>= 1.2)
      Fable.Core (>= 3.2.8)
      FSharp.Core (>= 4.7.2)
    Fable.Browser.Event (1.5)
      Fable.Browser.Gamepad (>= 1.1)
      Fable.Core (>= 3.0)
      FSharp.Core (>= 4.7.2)
    Fable.Browser.Gamepad (1.2)
      Fable.Core (>= 3.0)
      FSharp.Core (>= 4.7.2)
    Fable.Browser.WebStorage (1.2)
      Fable.Browser.Event (>= 1.5)
      Fable.Core (>= 3.0)
      FSharp.Core (>= 4.7.2)
    Fable.Core (4.0)
    Fable.Elmish (4.0.2)
      Fable.Core (>= 3.7.1)
      FSharp.Core (>= 4.7.2)
    Fable.Elmish.Browser (4.0.1)
      Fable.Browser.Dom (>= 2.10.1)
      Fable.Elmish (>= 4.0)
      Fable.Elmish.UrlParser (>= 1.0.1)
      FSharp.Core (>= 4.7.2)
    Fable.Elmish.Debugger (4.0)
      Fable.Elmish (>= 4.0)
      FSharp.Core (>= 6.0.7)
      Thoth.Json (>= 6.0)
    Fable.Elmish.HMR (7.0)
      Fable.Core (>= 3.7.1)
      Fable.Elmish.React (>= 4.0)
      FSharp.Core (>= 4.7.2)
    Fable.Elmish.React (4.0)
      Fable.Elmish (>= 4.0)
      Fable.ReactDom.Types (>= 18.0)
      FSharp.Core (>= 4.7.2)
    Fable.Elmish.UrlParser (1.0.1)
      FSharp.Core (>= 4.7.2)
    Fable.Promise (3.2)
      Fable.Core (>= 3.7.1)
      FSharp.Core (>= 4.7.2)
    Fable.React (9.3)
      Fable.React.Types (>= 18.3)
      Fable.ReactDom.Types (>= 18.2)
      FSharp.Core (>= 4.7.2)
    Fable.React.Types (18.3)
      Fable.Browser.Dom (>= 2.4.4)
      Fable.Core (>= 3.2.7)
      FSharp.Core (>= 4.7.2)
    Fable.ReactDom.Types (18.2)
      Fable.React.Types (>= 18.3)
      FSharp.Core (>= 4.7.2)
    FSharp.Core (7.0.300) - redirects: force
    Fulma (3.0)
      Fable.Core (>= 3.7.1)
      Fable.React (>= 9.2)
    Fulma.Extensions.Wikiki.PageLoader (3.0)
      Fable.Core (>= 3.7.1)
      Fable.React (>= 9.2)
      Fulma (>= 3.0)
    Thoth.Json (10.2)
      Fable.Core (>= 3.6.2)
      FSharp.Core (>= 4.7.2)
